PATH
  remote: .
  specs:
    chafferone (0.0.0)

GEM
  remote: https://rubygems.org/
  specs:
    minitest (5.0.8)
    rake (10.1.0)

PLATFORMS
  ruby

DEPENDENCIES
  chafferone!
  minitest (~> 5.0)
  rake (~> 10.1)
