PATH
  remote: .
  specs:
    chafferone (0.0.0)

GEM
  remote: https://rubygems.org/
  specs:
    ast (2.4.2)
    bogus (0.1.4)
      dependor (>= 0.0.4)
    dependor (1.0.1)
    minitest (5.0.8)
    parallel (1.13.0)
    parser (2.7.2.0)
      ast (~> 2.4.1)
    powerpack (0.1.3)
    rainbow (2.2.2)
      rake
    rake (12.3.3)
    rubocop (0.49.0)
      parallel (~> 1.10)
      parser (>= 2.3.3.1, < 3.0)
      powerpack (~> 0.1)
      rainbow (>= 1.99.1, < 3.0)
      ruby-progressbar (~> 1.7)
      unicode-display_width (~> 1.0, >= 1.0.1)
    ruby-progressbar (1.13.0)
    unicode-display_width (1.8.0)

PLATFORMS
  ruby

DEPENDENCIES
  bogus
  chafferone!
  minitest (~> 5.0)
  rake (~> 12.3)
  rubocop
